NUGET
  remote: https://nuget.org/api/v2
  specs:
    FSharp.Data (2.2.5)
      Zlib.Portable (>= 1.10.0)
    FSharp.Text.RegexProvider (0.0.7)
    Zlib.Portable (1.11.0)
