NUGET
  remote: https://nuget.org/api/v2
  specs:
    FSharp.Charting (0.90.10)
    FSharp.Core (3.1.2.1)
    FSharp.Data (2.2.0)
      Zlib.Portable (>= 1.10.0)
    FsPickler (1.0.17)
    Suave (0.26.1)
      FSharp.Core (>= 3.1.2.1)
      FsPickler (>= 1.0.7)
    Zlib.Portable (1.10.0)
