NUGET
  remote: https://www.nuget.org/api/v2
  specs:
    FSharp.Charting (0.90.12)
    FSharp.Core (4.0.0.1)
    FSharp.Core.Fluent-4.0 (1.0.0.5)
    MathNet.Numerics (3.7.0)
      TaskParallelLibrary (>= 1.0.2856) - >= net35 < net40
    MathNet.Numerics.FSharp (3.7.0)
      FSharp.Core (>= 3.1.2.1)
      MathNet.Numerics (3.7.0)
    TaskParallelLibrary (1.0.2856.0) - >= net35 < net40
    zlib.net (1.0.4.0)
