FRAMEWORK: NET46
NUGET
  remote: https://nuget.org/api/v2
  specs:
    FsCheck (2.2.0)
      FSharp.Core (>= 3.1.2.5 < 3.1.3)
    FSharp.Core (3.1.2.5)
    NUnit (2.6.4)
