FRAMEWORK: >= NET40
NUGET
  remote: https://nuget.org/api/v2
  specs:
    FSharp.Control.AsyncSeq (2.0.2)
    FSharpx.Async (1.12.0)
      FSharp.Control.AsyncSeq
